NUGET
  remote: https://nuget.org/api/v2
  specs:
    FSharp.Compiler.Service (0.0.89)
    FSharp.Core (3.1.2.1)
    FSharp.Formatting (2.9.6)
      FSharp.Compiler.Service (>= 0.0.87)
      FSharpVSPowerTools.Core (1.8.0)
    FSharpVSPowerTools.Core (1.8.0)
      FSharp.Compiler.Service (>= 0.0.87)
    FsPickler (1.0.19)
    Suave (0.26.2)
      FSharp.Core (>= 3.1.2.1)
      FsPickler (>= 1.0.7)
