NUGET
  remote: https://nuget.org/api/v2
  specs:
    Deedle (1.2.2)
    Deedle.RPlugin (1.2.2)
      Deedle (>= 1.2.2)
      R.NET.Community (>= 1.6.4)
      R.NET.Community.FSharp (>= 1.6.4)
      RProvider (>= 1.1.12)
    DynamicInterop (0.7.4)
    Foogle.Charts (0.0.5)
    FSharp.Charting (0.90.12)
    FSharp.Compiler.Service (0.0.89)
    FSharp.Core (3.1.2.1)
    FSharp.Data (2.2.3)
      Zlib.Portable (>= 1.10.0) - framework: portable-net40+sl50+wp80+win80
    FSharp.Formatting (2.9.6)
      FSharp.Compiler.Service (>= 0.0.87)
      FSharpVSPowerTools.Core (1.8.0)
    FSharpVSPowerTools.Core (1.8.0)
      FSharp.Compiler.Service (>= 0.0.87)
    FsLab (0.3.5)
      Deedle (1.2.2)
      Deedle.RPlugin (1.2.2)
      FSharp.Charting (0.90.12)
      FSharp.Data (2.2.3)
      Foogle.Charts (0.0.5)
      Google.DataTable.Net.Wrapper (3.1.2.0)
      MathNet.Numerics (3.7.0)
      MathNet.Numerics.FSharp (3.7.0)
      Newtonsoft.Json (7.0.1)
      R.NET.Community (1.6.4)
      R.NET.Community.FSharp (1.6.4)
      RProvider (1.1.12)
      XPlot.GoogleCharts (1.2.0)
      XPlot.GoogleCharts.Deedle (1.2.0)
      XPlot.Plotly (1.2.0)
    FsPickler (1.0.19)
    Google.DataTable.Net.Wrapper (3.1.2.0)
    Http.fs (1.5.1)
    MathNet.Numerics (3.7.0)
      TaskParallelLibrary (>= 1.0.2856) - framework: >= net35 < net40
    MathNet.Numerics.FSharp (3.7.0)
      FSharp.Core (>= 3.1.2.1)
      MathNet.Numerics (3.7.0)
    Newtonsoft.Json (7.0.1)
    R.NET.Community (1.6.4)
      DynamicInterop (0.7.4)
    R.NET.Community.FSharp (1.6.4)
      R.NET.Community (>= 1.6.4)
    RProvider (1.1.12)
      DynamicInterop (0.7.4)
      R.NET.Community (1.6.4)
      R.NET.Community.FSharp (1.6.4)
    Suave (0.26.2)
      FSharp.Core (>= 3.1.2.1)
      FsPickler (>= 1.0.7)
    TaskParallelLibrary (1.0.2856.0) - framework: >= net35 < net40
    XPlot.GoogleCharts (1.2.0)
      Google.DataTable.Net.Wrapper
      Newtonsoft.Json
    XPlot.GoogleCharts.Deedle (1.2.0)
      Deedle
      XPlot.GoogleCharts (>= 1.2.0)
    XPlot.Plotly (1.2.0)
      Http.fs
      Newtonsoft.Json
    Zlib.Portable (1.11.0) - framework: portable-net40+sl50+wp80+win80
